GEM
  remote: https://rubygems.org/
  specs:
    addressable (2.5.1)
      public_suffix (~> 2.0, >= 2.0.2)
    bigdecimal (1.2.3)
    bundle (0.0.1)
      bundler
    bundler-unload (1.0.2)
    colorator (1.1.0)
    executable-hooks (1.3.2)
    ffi (1.9.18)
    forwardable-extended (2.6.0)
    gem-wrappers (1.2.7)
    io-console (0.4.2)
    jekyll (3.4.3)
      addressable (~> 2.4)
      colorator (~> 1.0)
      jekyll-sass-converter (~> 1.0)
      jekyll-watch (~> 1.1)
      kramdown (~> 1.3)
      liquid (~> 3.0)
      mercenary (~> 0.3.3)
      pathutil (~> 0.9)
      rouge (~> 1.7)
      safe_yaml (~> 1.0)
    jekyll-sass-converter (1.5.0)
      sass (~> 3.4)
    jekyll-watch (1.5.0)
      listen (~> 3.0, < 3.1)
    jekyll-youtube (1.0.0)
      jekyll
    json (1.8.1)
    kramdown (1.13.2)
    liquid (3.0.6)
    listen (3.0.8)
      rb-fsevent (~> 0.9, >= 0.9.4)
      rb-inotify (~> 0.9, >= 0.9.7)
    mercenary (0.3.6)
    minitest (4.7.5)
    pathutil (0.14.0)
      forwardable-extended (~> 2.6)
    psych (2.0.2)
    public_suffix (2.0.5)
    rake (10.1.0)
    rb-fsevent (0.9.8)
    rb-inotify (0.9.8)
      ffi (>= 0.5.0)
    rdoc (4.1.0)
    rouge (1.11.1)
    rubygems-bundler (1.4.4)
      bundler-unload (>= 1.0.2)
      executable-hooks (>= 1.3.2)
    rvm (1.11.3.9)
    safe_yaml (1.0.4)
    sass (3.4.24)
    test-unit (2.1.0.0)

PLATFORMS
  ruby

DEPENDENCIES
  addressable (= 2.5.1)
  bigdecimal (= 1.2.3)
  bundle (= 0.0.1)
  bundler (= 1.15.1)
  bundler-unload (= 1.0.2)
  colorator (= 1.1.0)
  executable-hooks (= 1.3.2)
  ffi (= 1.9.18)
  forwardable-extended (= 2.6.0)
  gem-wrappers (= 1.2.7)
  io-console (= 0.4.2)
  jekyll (= 3.4.3)
  jekyll-sass-converter (= 1.5.0)
  jekyll-watch (= 1.5.0)
  jekyll-youtube (= 1.0.0)
  json (= 1.8.1)
  kramdown (= 1.13.2)
  liquid (= 3.0.6)
  listen (= 3.0.8)
  mercenary (= 0.3.6)
  minitest (= 4.7.5)
  pathutil (= 0.14.0)
  psych (= 2.0.2)
  public_suffix (= 2.0.5)
  rake (= 10.1.0)
  rb-fsevent (= 0.9.8)
  rb-inotify (= 0.9.8)
  rdoc (= 4.1.0)
  rouge (= 1.11.1)
  rubygems-bundler (= 1.4.4)
  rvm (= 1.11.3.9)
  safe_yaml (= 1.0.4)
  sass (= 3.4.24)
  test-unit (= 2.1.0.0)

BUNDLED WITH
   1.15.1
